GEM
  remote: https://rubygems.org/
  specs:
    base64 (0.3.0)
    concurrent-ruby (1.3.5)
    docker-api (2.4.0)
      excon (>= 0.64.0)
      multi_json
    et-orbi (1.2.11)
      tzinfo
    excon (1.2.8)
      logger
    fugit (1.11.1)
      et-orbi (~> 1, >= 1.2.11)
      raabro (~> 1.4)
    logger (1.7.0)
    multi_json (1.17.0)
    raabro (1.4.0)
    rufus-scheduler (3.9.2)
      fugit (~> 1.1, >= 1.11.1)
    tzinfo (2.0.6)
      concurrent-ruby (~> 1.0)

PLATFORMS
  ruby
  x86_64-linux-musl

DEPENDENCIES
  base64
  docker-api
  rufus-scheduler

BUNDLED WITH
   2.6.2
